GEM
  remote: https://rubygems.org/
  specs:
    connection_pool (2.3.0)
    rack (2.2.2)
    redis (5.0.5)
      redis-client (>= 0.9.0)
    redis-client (0.11.2)
      connection_pool

PLATFORMS
  ruby

DEPENDENCIES
  rack
  redis

BUNDLED WITH
   2.1.4
